GEM
  remote: https://rubygems.org/
  specs:
    amq-protocol (2.3.0)
    bunny (2.12.0)
      amq-protocol (~> 2.3, >= 2.3.0)
    event_emitter (0.2.6)
    websocket (1.2.8)
    websocket-client-simple (0.3.0)
      event_emitter
      websocket

PLATFORMS
  ruby

DEPENDENCIES
  bunny
  websocket-client-simple (~> 0.3.0)

RUBY VERSION
   ruby 2.5.1p57

BUNDLED WITH
   1.16.6
